GIT
  remote: https://github.com/nanoc/nanoc-cli.git
  revision: 2c4b545949276b467ab1d1b3eb62e4c33211d716
  specs:
    nanoc-cli (4.0.0a1)
      cri (~> 2.3)
      nanoc-core (~> 4.0.0a1)

GIT
  remote: https://github.com/nanoc/nanoc-core.git
  revision: fca1889955e7ab8940fc7066f864c0f825560c49
  specs:
    nanoc-core (4.0.0a1)

GEM
  remote: https://rubygems.org/
  specs:
    activemodel (3.2.14)
      activesupport (= 3.2.14)
      builder (~> 3.0.0)
    activesupport (3.2.14)
      i18n (~> 0.6, >= 0.6.4)
      multi_json (~> 1.0)
    builder (3.0.4)
    coderay (1.0.9)
    colored (1.2)
    cri (2.4.0)
      colored (>= 1.2)
    i18n (0.6.5)
    method_source (0.8.2)
    mongoid (3.1.4)
      activemodel (~> 3.2)
      moped (~> 1.4)
      origin (~> 1.0)
      tzinfo (~> 0.3.22)
    mongoid-tree (1.0.4)
      mongoid (>= 3.0, <= 4.0)
    moped (1.5.0)
    multi_json (1.8.0)
    origin (1.1.0)
    pry (0.9.12.2)
      coderay (~> 1.0.5)
      method_source (~> 0.8)
      slop (~> 3.4)
    slop (3.4.6)
    tzinfo (0.3.37)

PLATFORMS
  ruby

DEPENDENCIES
  mongoid
  mongoid-tree
  nanoc-cli!
  nanoc-core!
  pry
