GIT
  remote: https://github.com/aadlani/nanoc-toolbox
  revision: 3c3208fd24847a3b27e312a80938a2ef2ae7b715
  specs:
    nanoc-toolbox (0.1.3)
      jsmin (~> 1.0)
      nanoc (~> 3.6)
      nokogiri (~> 1.6)

GIT
  remote: https://github.com/nanoc/nanoc-cli.git
  revision: 2c4b545949276b467ab1d1b3eb62e4c33211d716
  specs:
    nanoc-cli (4.0.0a1)
      cri (~> 2.3)
      nanoc-core (~> 4.0.0a1)

GIT
  remote: https://github.com/nanoc/nanoc-core.git
  revision: fca1889955e7ab8940fc7066f864c0f825560c49
  specs:
    nanoc-core (4.0.0a1)

GEM
  remote: https://rubygems.org/
  specs:
    activemodel (3.2.14)
      activesupport (= 3.2.14)
      builder (~> 3.0.0)
    activesupport (3.2.14)
      i18n (~> 0.6, >= 0.6.4)
      multi_json (~> 1.0)
    builder (3.0.4)
    coderay (1.0.9)
    colored (1.2)
    cri (2.4.0)
      colored (>= 1.2)
    database_cleaner (0.9.1)
    diff-lcs (1.2.4)
    i18n (0.6.5)
    jsmin (1.0.1)
    method_source (0.8.2)
    mini_portile (0.5.1)
    mongoid (3.1.4)
      activemodel (~> 3.2)
      moped (~> 1.4)
      origin (~> 1.0)
      tzinfo (~> 0.3.22)
    mongoid-tree (1.0.4)
      mongoid (>= 3.0, <= 4.0)
    moped (1.5.0)
    multi_json (1.8.0)
    nanoc (3.6.5)
      cri (~> 2.3)
    nokogiri (1.6.0)
      mini_portile (~> 0.5.0)
    origin (1.1.0)
    pry (0.9.12.2)
      coderay (~> 1.0.5)
      method_source (~> 0.8)
      slop (~> 3.4)
    rake (10.1.0)
    rspec (2.13.0)
      rspec-core (~> 2.13.0)
      rspec-expectations (~> 2.13.0)
      rspec-mocks (~> 2.13.0)
    rspec-core (2.13.1)
    rspec-expectations (2.13.0)
      diff-lcs (>= 1.1.3, < 2.0)
    rspec-mocks (2.13.0)
    slop (3.4.6)
    tzinfo (0.3.37)

PLATFORMS
  ruby

DEPENDENCIES
  database_cleaner
  mongoid
  mongoid-tree
  nanoc-cli!
  nanoc-core!
  nanoc-toolbox!
  pry
  rake
  rspec
